GEM
  remote: https://rubygems.org/
  specs:
    ast (2.4.3)
    async (2.23.1)
      console (~> 1.29)
      fiber-annotation
      io-event (~> 1.9)
      metrics (~> 0.12)
      traces (~> 0.15)
    async-rspec (1.17.1)
      rspec (~> 3.0)
      rspec-files (~> 1.0)
      rspec-memory (~> 1.0)
    benchmark (0.4.0)
    bigdecimal (3.1.9)
    concurrent-ruby (1.3.5)
    console (1.30.2)
      fiber-annotation
      fiber-local (~> 1.1)
      json
    date (3.4.1)
    debug (1.10.0)
      irb (~> 1.10)
      reline (>= 0.3.8)
    diff-lcs (1.6.1)
    dotenv (3.1.7)
    dry-auto_inject (1.1.0)
      dry-core (~> 1.1)
      zeitwerk (~> 2.6)
    dry-configurable (1.3.0)
      dry-core (~> 1.1)
      zeitwerk (~> 2.6)
    dry-container (0.11.0)
      concurrent-ruby (~> 1.0)
    dry-core (1.1.0)
      concurrent-ruby (~> 1.0)
      logger
      zeitwerk (~> 2.6)
    erubi (1.13.1)
    faraday (2.13.0)
      faraday-net_http (>= 2.0, < 3.5)
      json
      logger
    faraday-net_http (3.4.0)
      net-http (>= 0.5.0)
    ffi (1.17.1-x86_64-linux-gnu)
    fiber-annotation (0.2.0)
    fiber-local (1.1.0)
      fiber-storage
    fiber-storage (1.0.0)
    io-console (0.8.0)
    io-endpoint (0.15.2)
    io-event (1.10.0)
    irb (1.15.1)
      pp (>= 0.6.0)
      rdoc (>= 4.0.0)
      reline (>= 0.4.2)
    json (2.10.2)
    language_server-protocol (3.17.0.4)
    lint_roller (1.1.0)
    listen (3.9.0)
      rb-fsevent (~> 0.10, >= 0.10.3)
      rb-inotify (~> 0.9, >= 0.9.10)
    logger (1.7.0)
    metrics (0.12.2)
    mqtt (0.6.0)
    net-http (0.6.0)
      uri
    netrc (0.11.0)
    oj (3.16.10)
      bigdecimal (>= 3.0)
      ostruct (>= 0.2)
    ostruct (0.6.1)
    parallel (1.26.3)
    parser (3.3.7.3)
      ast (~> 2.4.1)
      racc
    pp (0.6.2)
      prettyprint
    prettyprint (0.2.0)
    prism (1.4.0)
    psych (5.2.3)
      date
      stringio
    racc (1.8.1)
    rainbow (3.1.1)
    rb-fsevent (0.11.2)
    rb-inotify (0.11.1)
      ffi (~> 1.0)
    rbi (0.3.2)
      prism (~> 1.0)
      rbs (>= 3.4.4)
      sorbet-runtime (>= 0.5.9204)
    rbs (3.9.2)
      logger
    rdoc (6.13.1)
      psych (>= 4.0.0)
    regexp_parser (2.10.0)
    reline (0.6.0)
      io-console (~> 0.5)
    rspec (3.13.0)
      rspec-core (~> 3.13.0)
      rspec-expectations (~> 3.13.0)
      rspec-mocks (~> 3.13.0)
    rspec-core (3.13.3)
      rspec-support (~> 3.13.0)
    rspec-expectations (3.13.3)
      diff-lcs (>= 1.2.0, < 2.0)
      rspec-support (~> 3.13.0)
    rspec-files (1.1.3)
      rspec (~> 3.0)
    rspec-memory (1.0.4)
      rspec (~> 3.0)
    rspec-mocks (3.13.2)
      diff-lcs (>= 1.2.0, < 2.0)
      rspec-support (~> 3.13.0)
    rspec-support (3.13.2)
    rubocop (1.75.1)
      json (~> 2.3)
      language_server-protocol (~> 3.17.0.2)
      lint_roller (~> 1.1.0)
      parallel (~> 1.10)
      parser (>= 3.3.0.2)
      rainbow (>= 2.2.2, < 4.0)
      regexp_parser (>= 2.9.3, < 3.0)
      rubocop-ast (>= 1.43.0, < 2.0)
      ruby-progressbar (~> 1.7)
      unicode-display_width (>= 2.4.0, < 4.0)
    rubocop-ast (1.43.0)
      parser (>= 3.3.7.2)
      prism (~> 1.4)
    rubocop-performance (1.24.0)
      lint_roller (~> 1.1)
      rubocop (>= 1.72.1, < 2.0)
      rubocop-ast (>= 1.38.0, < 2.0)
    rubocop-rspec (3.6.0)
      lint_roller (~> 1.1)
      rubocop (~> 1.72, >= 1.72.1)
    rubocop-shopify (2.17.0)
      rubocop (~> 1.62)
    rubocop-sorbet (0.10.0)
      rubocop (>= 1)
    rubocop-thread_safety (0.7.2)
      lint_roller (~> 1.1)
      rubocop (~> 1.72, >= 1.72.1)
    ruby-lsp (0.23.16)
      language_server-protocol (~> 3.17.0)
      prism (>= 1.2, < 2.0)
      rbs (>= 3, < 4)
      sorbet-runtime (>= 0.5.10782)
    ruby-lsp-rspec (0.1.22)
      ruby-lsp (~> 0.23.0)
    ruby-progressbar (1.13.0)
    sorbet (0.5.12046)
      sorbet-static (= 0.5.12046)
    sorbet-runtime (0.5.12046)
    sorbet-static (0.5.12046-x86_64-linux)
    sorbet-static-and-runtime (0.5.12046)
      sorbet (= 0.5.12046)
      sorbet-runtime (= 0.5.12046)
    spoom (1.6.1)
      erubi (>= 1.10.0)
      prism (>= 0.28.0)
      rbi (>= 0.2.3)
      sorbet-static-and-runtime (>= 0.5.10187)
      thor (>= 0.19.2)
    stringio (3.1.6)
    tapioca (0.16.11)
      benchmark
      bundler (>= 2.2.25)
      netrc (>= 0.11.0)
      parallel (>= 1.21.0)
      rbi (~> 0.2)
      sorbet-static-and-runtime (>= 0.5.11087)
      spoom (>= 1.2.0)
      thor (>= 1.2.0)
      yard-sorbet
    thor (1.3.2)
    traces (0.15.2)
    unicode-display_width (3.1.4)
      unicode-emoji (~> 4.0, >= 4.0.4)
    unicode-emoji (4.0.4)
    uri (1.0.3)
    yard (0.9.37)
    yard-sorbet (0.9.0)
      sorbet-runtime
      yard
    zeitwerk (2.7.2)

PLATFORMS
  x86_64-linux

DEPENDENCIES
  async (~> 2.23)
  async-rspec (~> 1.17)
  debug
  dotenv (~> 3.1)
  dry-auto_inject (~> 1.1)
  dry-configurable (~> 1.3)
  dry-container (~> 0.11.0)
  faraday (~> 2.13)
  io-endpoint (~> 0.15.2)
  listen (~> 3.9)
  mqtt (~> 0.6.0)
  oj (~> 3.16)
  rspec (~> 3.13)
  rubocop (~> 1.75)
  rubocop-performance (~> 1.24)
  rubocop-rspec (~> 3.6)
  rubocop-shopify (~> 2.17)
  rubocop-sorbet (~> 0.10.0)
  rubocop-thread_safety (~> 0.7.2)
  ruby-lsp (~> 0.23.16)
  ruby-lsp-rspec (~> 0.1.22)
  sorbet (~> 0.5.12046)
  sorbet-runtime (~> 0.5.12046)
  sorbet-static (~> 0.5.12046)
  tapioca (~> 0.16.11)

BUNDLED WITH
   2.6.7
